GEM
  remote: https://rubygems.org/
  specs:
    addressable (2.8.1)
      public_suffix (>= 2.0.2, < 6.0)
    date (3.3.3)
    faraday (2.7.4)
      faraday-net_http (>= 2.0, < 3.1)
      ruby2_keywords (>= 0.0.4)
    faraday-net_http (3.0.2)
    jwt (2.7.0)
    net-http (0.3.2)
      uri
    octokit (6.0.1)
      faraday (>= 1, < 3)
      sawyer (~> 0.9)
    open-uri (0.3.0)
      stringio
      time
      uri
    openssl (3.1.0)
    public_suffix (5.0.1)
    ruby2_keywords (0.0.5)
    sawyer (0.9.2)
      addressable (>= 2.3.5)
      faraday (>= 0.17.3, < 3)
    stringio (3.0.5)
    time (0.2.1)
      date
    uri (0.12.0)

PLATFORMS
  arm64-darwin-22

DEPENDENCIES
  jwt
  net-http
  octokit
  open-uri
  openssl

BUNDLED WITH
   2.4.7
